GEM
  remote: https://rubygems.org/
  specs:
    RubyInline (3.12.4)
      ZenTest (~> 4.3)
    ZenTest (4.11.1)
    fastimage (2.1.0)
    fastimage_resize (2.0.3)
      RubyInline (>= 3.8.2)
      fastimage (>= 1.2.9)
    httpclient (2.8.3)
    net-ssh (4.1.0)
    ruby-manta (2.1.0)
      httpclient (>= 2.6.0.1)
      net-ssh (>= 2.6.0)

PLATFORMS
  ruby

DEPENDENCIES
  fastimage_resize
  ruby-manta

BUNDLED WITH
   1.13.6
